GEM
  remote: https://rubygems.org/
  specs:
    minitest (5.12.0)

PLATFORMS
  ruby
  x86_64-darwin-21

DEPENDENCIES
  minitest (~> 5.12.0)

BUNDLED WITH
   2.5.3
